GEM
  remote: https://rubygems.org/
  specs:
    actionmailer (4.0.0)
      actionpack (= 4.0.0)
      mail (~> 2.5.3)
    actionpack (4.0.0)
      activesupport (= 4.0.0)
      builder (~> 3.1.0)
      erubis (~> 2.7.0)
      rack (~> 1.5.2)
      rack-test (~> 0.6.2)
    activemodel (4.0.0)
      activesupport (= 4.0.0)
      builder (~> 3.1.0)
    activerecord (4.0.0)
      activemodel (= 4.0.0)
      activerecord-deprecated_finders (~> 1.0.2)
      activesupport (= 4.0.0)
      arel (~> 4.0.0)
    activerecord-deprecated_finders (1.0.3)
    activesupport (4.0.0)
      i18n (~> 0.6, >= 0.6.4)
      minitest (~> 4.2)
      multi_json (~> 1.3)
      thread_safe (~> 0.1)
      tzinfo (~> 0.3.37)
    addressable (2.3.5)
    arel (4.0.0)
    atomic (1.1.10)
    builder (3.1.4)
    ci_reporter (1.9.0)
      builder (>= 2.1.2)
    clockwork (0.5.4)
      activesupport
      tzinfo (~> 0.3.35)
    coderay (1.0.9)
    crack (0.4.1)
      safe_yaml (~> 0.9.0)
    daemons (1.1.9)
    dalli (2.6.4)
    database_cleaner (1.0.1)
    delayed_job (4.0.0.beta2)
      activesupport (>= 3.0, < 4.1)
    delayed_job_active_record (4.0.0.beta3)
      activerecord (>= 3.0, < 4.1)
      delayed_job (>= 3.0, < 4.1)
    erubis (2.7.0)
    faker (1.1.2)
      i18n (~> 0.5)
    hoptoad_notifier (2.4.11)
      activesupport
      builder
    i18n (0.6.4)
    json (1.8.0)
    mail (2.5.4)
      mime-types (~> 1.16)
      treetop (~> 1.4.8)
    method_source (0.8.1)
    mime-types (1.23)
    mini_portile2 (2.5.1)
    minitest (4.7.4)
    minitest-colorize (0.0.5)
      minitest (>= 2.0)
    multi_json (1.7.7)
    mysql2 (0.3.13)
    newrelic_rpm (3.6.5.130)
    nokogiri (1.11.4)
      mini_portile2 (~> 2.5.0)
      racc (~> 1.4)
    pkg-config (1.1.4)
    polyglot (0.3.3)
    pry (0.9.12.2)
      coderay (~> 1.0.5)
      method_source (~> 0.8)
      slop (~> 3.4)
    racc (1.5.2)
    rack (1.5.2)
    rack-test (0.6.2)
      rack (>= 1.0)
    rails-api (0.1.0)
      actionpack (>= 3.2.11)
      railties (>= 3.2.11)
      tzinfo (~> 0.3.31)
    railties (4.0.0)
      actionpack (= 4.0.0)
      activesupport (= 4.0.0)
      rake (>= 0.8.7)
      thor (>= 0.18.1, < 2.0)
    rake (10.1.0)
    rdoc (4.0.1)
      json (~> 1.4)
    ruby-ldap (0.9.13)
    safe_yaml (0.9.4)
    simplecov (0.7.1)
      multi_json (~> 1.0)
      simplecov-html (~> 0.7.1)
    simplecov-html (0.7.1)
    simplecov-rcov (0.2.3)
      simplecov (>= 0.4.1)
    slop (3.4.5)
    thor (0.18.1)
    thread_safe (0.1.0)
      atomic
    timecop (0.6.2.2)
    treetop (1.4.14)
      polyglot
      polyglot (>= 0.3.1)
    tzinfo (0.3.37)
    webmock (1.13.0)
      addressable (>= 2.2.7)
      crack (>= 0.3.2)
    xmlhash (1.3.5)
      pkg-config
    yajl-ruby (1.1.0)

PLATFORMS
  ruby

DEPENDENCIES
  actionmailer
  activerecord (~> 4.0)
  ci_reporter
  clockwork
  daemons
  dalli
  database_cleaner (>= 1.0.1)
  delayed_job (~> 4.0.0.beta1)
  delayed_job_active_record (~> 4.0.0.beta2)
  faker
  hoptoad_notifier (~> 2.3)
  minitest (< 5.0)
  minitest-colorize
  mysql2
  newrelic_rpm
  nokogiri (~> 1.11.4)
  pry (>= 0.9.12)
  rails-api
  rdoc
  ruby-ldap
  simplecov-rcov
  timecop
  webmock (>= 1.9.0)
  xmlhash (>= 1.3.5)
  yajl-ruby
